GEM
  remote: https://rubygems.org/
  specs:
    colorful-exceptions (0.1.20170811)

PLATFORMS
  ruby

DEPENDENCIES
  colorful-exceptions

BUNDLED WITH
   1.13.6
